PATH
  remote: .
  specs:
    cruisecontrolrb-to-slack (0.2.0)
      dante (~> 0.2.0)
      httparty (~> 0.13.1)
      nokogiri (~> 1.6.2)
      rufus-scheduler
      slack-notifier (~> 1.0.0)

GEM
  remote: https://rubygems.org/
  specs:
    coderay (1.1.0)
    dante (0.2.0)
    httparty (0.13.7)
      json (~> 1.8)
      multi_xml (>= 0.5.2)
    json (1.8.3)
    method_source (0.8.2)
    mini_portile2 (2.0.0)
    minitest (5.5.1)
    multi_xml (0.5.5)
    nokogiri (1.6.7.2)
      mini_portile2 (~> 2.0.0.rc2)
    pry (0.10.1)
      coderay (~> 1.1.0)
      method_source (~> 0.8.1)
      slop (~> 3.4)
    rake (10.4.2)
    rufus-scheduler (3.2.0)
    slack-notifier (1.0.0)
    slop (3.6.0)

PLATFORMS
  ruby

DEPENDENCIES
  bundler (~> 1.6)
  cruisecontrolrb-to-slack!
  minitest
  pry
  rake

BUNDLED WITH
   1.11.2
